GIT
  remote: http://github.com/opscode/omnibus-ruby
  revision: 5c09d8315308f0430adcb47625fa9287bf9d89be
  specs:
    omnibus (0.1)
      fpm (= 0.3.11)
      mixlib-shellout (~> 1.0)
      ohai (>= 0.6.12)
      rake (>= 0.9)
      uber-s3

GIT
  remote: http://github.com/opscode/omnibus-software
  revision: 42bb987229dfc56904ed155c742139da53066a91
  specs:
    omnibus-software (0.0.1)

GEM
  remote: http://rubygems.org/
  specs:
    archive-tar-minitar (0.5.2)
    childprocess (0.3.2)
      ffi (~> 1.0.6)
    erubis (2.7.0)
    ffi (1.0.11)
    fpm (0.3.11)
      json
    i18n (0.6.0)
    ipaddress (0.8.0)
    json (1.5.4)
    log4r (1.1.10)
    mime-types (1.18)
    mixlib-cli (1.2.2)
    mixlib-config (1.1.2)
    mixlib-log (1.3.0)
    mixlib-shellout (1.0.0)
    net-scp (1.0.4)
      net-ssh (>= 1.99.1)
    net-ssh (2.2.2)
    ohai (0.6.12)
      ipaddress
      mixlib-cli
      mixlib-config
      mixlib-log
      systemu
      yajl-ruby
    rake (0.9.2.2)
    systemu (2.5.0)
    uber-s3 (0.2.1)
      mime-types (~> 1.17)
    vagrant (1.0.3)
      archive-tar-minitar (= 0.5.2)
      childprocess (~> 0.3.1)
      erubis (~> 2.7.0)
      i18n (~> 0.6.0)
      json (~> 1.5.1)
      log4r (~> 1.1.9)
      net-scp (~> 1.0.4)
      net-ssh (~> 2.2.2)
    yajl-ruby (1.1.0)

PLATFORMS
  ruby

DEPENDENCIES
  omnibus!
  omnibus-software!
  vagrant (~> 1.0)
