GEM
  remote: https://rubygems.org/
  specs:
    mixlib-shellout (1.4.0)

PLATFORMS
  ruby

DEPENDENCIES
  mixlib-shellout (~> 1.4)
